GEM
  remote: https://rubygems.org/
  specs:
    beefcake (0.3.7)
    builder (3.1.2)
    daemons (1.1.9)
    eventmachine (0.12.10)
    excon (0.16.2)
    i18n (0.6.1)
    multi_json (1.3.6)
    rack (1.4.1)
    riak-client (1.0.4)
      beefcake (~> 0.3.7)
      builder (>= 2.1.2)
      i18n (>= 0.4.0)
      multi_json (~> 1.0)
    thin (1.4.1)
      daemons (>= 1.0.9)
      eventmachine (>= 0.12.6)
      rack (>= 1.0.0)
    yajl-ruby (1.1.0)

PLATFORMS
  ruby

DEPENDENCIES
  excon
  riak-client
  thin
  yajl-ruby
