GEM
  specs:
    beefcake (0.3.7)
    builder (3.1.2)
    eventmachine (0.12.10)
    excon (0.16.2)
    i18n (0.6.1)
    multi_json (1.3.6)
    riak-client (1.0.4)
      beefcake (~> 0.3.7)
      builder (>= 2.1.2)
      i18n (>= 0.4.0)
      multi_json (~> 1.0)
    yajl-ruby (1.1.0)

PLATFORMS
  ruby

DEPENDENCIES
  eventmachine
  excon
  riak-client
  yajl-ruby
